{
  "AcquisitionMatrixPE": 64,
  "AcquisitionNumber": 1,
  "BandwidthPerPixelPhaseEncode": 63.776,
  "BaseResolution": 64,
  "CogAtlasID": "http://www.cognitiveatlas.org/task/id/TODO",
  "CoilCombinationMethod": "Sum of Squares",
  "ConversionSoftware": "dcm2niix",
  "ConversionSoftwareVersion": "v1.0.20220720",
  "DerivedVendorReportedEchoSpacing": 0.000489996,
  "DwellTime": 3.2e-06,
  "EchoTime": 0.03,
  "EffectiveEchoSpacing": 0.000244998,
  "FlipAngle": 90,
  "HeudiconvVersion": "1.0.0",
  "ImageType": [
    "ORIGINAL",
    "PRIMARY",
    "M",
    "ND",
    "NORM",
    "MOSAIC"
],
  "InPlanePhaseEncodingDirectionDICOM": "COL",
  "InstitutionAddress": "University Street 3801,Montreal,District,CA,H3A 2B4",
  "InstitutionalDepartmentName": "Department",
  "MRAcquisitionType": "2D",
  "MagneticFieldStrength": 3,
  "Manufacturer": "Siemens",
  "MatrixCoilMode": "GRAPPA",
  "Modality": "MR",
  "NonlinearGradientCorrection": false,
  "ParallelReductionFactorInPlane": 2,
  "PartialFourier": 1,
  "PatientPosition": "HFS",
  "PercentPhaseFOV": 100,
  "PercentSampling": 100,
  "PhaseEncodingDirection": "j-",
  "PhaseEncodingSteps": 63,
  "PhaseResolution": 1,
  "ProtocolName": "BOLD MOSAIC 64_MIDT",
  "PulseSequenceDetails": "%SiemensSeq%\\ep2d_bold",
  "ReconMatrixPE": 64,
  "RefLinesPE": 24,
  "ScanOptions": "FS",
  "ScanningSequence": "EP",
  "SequenceName": "*epfid2d1_64",
  "SequenceVariant": "SK",
  "SeriesDescription": "BOLD MOSAIC 64_MIDT",
  "SliceThickness": 3,
  "SpacingBetweenSlices": 3,
  "StationName": "MRC35056",
  "TaskName": "TODO: full task name for midt",
  "TotalReadoutTime": 0.0154349}
