{
  "AcquisitionMatrixPE": 248,
  "AcquisitionNumber": 1,
  "AcquisitionTime": "14:41:25.017500",
  "BaseResolution": 256,
  "BodyPartExamined": "BRAIN",
  "CoilCombinationMethod": "Sum of Squares",
  "ConsistencyInfo": "N4_VE11C_LATEST_20160120",
  "ConversionSoftware": "dcm2niix",
  "ConversionSoftwareVersion": "v1.0.20220720",
  "DeviceSerialNumber": "167017",
  "DwellTime": 8.1e-06,
  "EchoTime": 0.00296,
  "FlipAngle": 9,
  "HeudiconvVersion": "1.0.0",
  "ImageOrientationPatientDICOM": [
    -0.0183762,
    0.962043,
    0.27228,
    -0.00696213,
    0.272196,
    -0.962217
  ],
  "ImageOrientationText": "Sag>Cor(-1.1)>Tra(0.1)",
  "ImageType": [
    "ORIGINAL",
    "PRIMARY",
    "M",
    "ND",
    "NORM"
  ],
  "ImagingFrequency": 123.25,
  "InPlanePhaseEncodingDirectionDICOM": "ROW",
  "InstitutionAddress": "University Street 3801,Montreal,District,CA,H3A 2B4",
  "InstitutionName": "Mc Connell Brain Imaging Centre",
  "InstitutionalDepartmentName": "Department",
  "InversionTime": 0.9,
  "MRAcquisitionType": "3D",
  "MagneticFieldStrength": 3,
  "Manufacturer": "Siemens",
  "ManufacturersModelName": "Prisma_fit",
  "MatrixCoilMode": "GRAPPA",
  "Modality": "MR",
  "NonlinearGradientCorrection": false,
  "ParallelReductionFactorInPlane": 2,
  "PartialFourier": 1,
  "PatientPosition": "HFS",
  "PercentPhaseFOV": 96.875,
  "PercentSampling": 100,
  "PhaseEncodingSteps": 247,
  "PhaseResolution": 1,
  "PixelBandwidth": 240,
  "ProcedureStepDescription": "Functional^Dr. Conrod",
  "ProtocolName": "T1 SAG MPRAGE grappa2",
  "PulseSequenceDetails": "%SiemensSeq%\\tfl",
  "ReceiveCoilActiveElements": "HEA;HEP",
  "ReceiveCoilName": "Head_32",
  "ReconMatrixPE": 248,
  "RefLinesPE": 24,
  "RepetitionTime": 2.3,
  "SAR": 0.0448452,
  "ScanOptions": "IR",
  "ScanningSequence": "GR\\IR",
  "SequenceName": "*tfl3d1_16ns",
  "SequenceVariant": "SK\\SP\\MP",
  "SeriesDescription": "T1 SAG MPRAGE grappa2",
  "SeriesNumber": 6,
  "ShimSetting": [
    326,
    -11589,
    -6664,
    57,
    16,
    3,
    -26,
    6
  ],
  "SliceThickness": 1,
  "SoftwareVersions": "syngo MR E11",
  "SpoilingState": true,
  "StationName": "MRC35056",
  "TxRefAmp": 232.228
}