{
  "AcquisitionMatrixPE": 240,
  "AcquisitionNumber": 1,
  "AcquisitionTime": "13:11:25.972500",
  "BaseResolution": 256,
  "CoilCombinationMethod": "Sum of Squares",
  "CoilString": "C:HEA;HEP",
  "ConversionSoftware": "dcm2niix",
  "ConversionSoftwareVersion": "v1.0.20220720",
  "DeviceSerialNumber": "35056",
  "DwellTime": 8.1e-06,
  "EchoTime": 0.00296,
  "FlipAngle": 9,
  "HeudiconvVersion": "1.0.0",
  "ImageOrientationPatientDICOM": [
    0.0172354,
    0.971533,
    0.236277,
    -0.0217768,
    0.23662,
    -0.971358
  ],
  "ImageOrientationText": "Sag>Tra(1.4)>Cor(0.7)",
  "ImageType": [
    "ORIGINAL",
    "PRIMARY",
    "M",
    "ND",
    "NORM"
  ],
  "ImagingFrequency": 123.254,
  "InPlanePhaseEncodingDirectionDICOM": "ROW",
  "InstitutionAddress": "University Street 3801,Montreal,District,CA,H3A 2B4",
  "InstitutionName": "Mc Connell Brain Imaging Centre",
  "InstitutionalDepartmentName": "Department",
  "InversionTime": 0.9,
  "MRAcquisitionType": "3D",
  "MagneticFieldStrength": 3,
  "Manufacturer": "Siemens",
  "ManufacturersModelName": "TrioTim",
  "MatrixCoilMode": "GRAPPA",
  "Modality": "MR",
  "NonlinearGradientCorrection": false,
  "ParallelReductionFactorInPlane": 2,
  "PartialFourier": 1,
  "PatientPosition": "HFS",
  "PercentPhaseFOV": 93.75,
  "PercentSampling": 100,
  "PhaseEncodingSteps": 239,
  "PhaseResolution": 1,
  "PixelBandwidth": 241,
  "ProcedureStepDescription": "Functional^Dr. Conrod",
  "ProtocolName": "T1 SAG MPRAGE grappa2",
  "PulseSequenceDetails": "%SiemensSeq%\\tfl",
  "ReceiveCoilName": "32Ch_Head",
  "ReconMatrixPE": 240,
  "RefLinesPE": 24,
  "RepetitionTime": 2.3,
  "SAR": 0.0851719,
  "ScanOptions": "IR",
  "ScanningSequence": "GR\\IR",
  "SequenceName": "*tfl3d1_ns",
  "SequenceVariant": "SP\\MP",
  "SeriesDescription": "T1 SAG MPRAGE grappa2",
  "SeriesNumber": 4,
  "ShimSetting": [
    365,
    -28196,
    -8471,
    498,
    -101,
    285,
    254,
    -52
  ],
  "SliceThickness": 1,
  "SoftwareVersions": "syngo MR B17",
  "StationName": "MRC35056",
  "TxRefAmp": 318.721
}